GEM
  remote: https://rubygems.org/
  specs:
    byebug (11.1.3)
    childprocess (3.0.0)
    dotenv (2.7.5)
    excon (0.92.3)
    gli (2.21.0)
    interactor (3.1.2)
    oj (3.13.14)
    pushover (3.0.3)
      excon
      gli
      oj
    rubyzip (2.3.0)
    selenium-webdriver (3.142.7)
      childprocess (>= 0.5, < 4.0)
      rubyzip (>= 1.2.2)

PLATFORMS
  ruby

DEPENDENCIES
  byebug
  dotenv
  interactor
  pushover
  selenium-webdriver

BUNDLED WITH
   2.1.4
